GEM
  remote: https://rubygems.org/
  specs:
    oauth (0.4.7)
    ox (2.0.9)

PLATFORMS
  ruby

DEPENDENCIES
  oauth
  ox
